GEM
  remote: https://rubygems.org/
  specs:
    concurrent-ruby (1.2.2)
    faker (3.2.0)
      i18n (>= 1.8.11, < 2)
    i18n (1.13.0)
      concurrent-ruby (~> 1.0)
    memory_profiler (1.0.1)

PLATFORMS
  x86_64-darwin-20
  x86_64-darwin-22

DEPENDENCIES
  faker (~> 3.2)
  memory_profiler (~> 1.0, >= 1.0.1)

BUNDLED WITH
   2.3.9
